GEM
  remote: https://rubygems.org/
  specs:
    coderay (1.1.0)
    govtrack (0.0.1)
      httparty (>= 0.6.1)
    httparty (0.13.7)
      json (~> 1.8)
      multi_xml (>= 0.5.2)
    json (1.8.3)
    method_source (0.8.2)
    multi_xml (0.5.5)
    opensecrets (1.0.0)
      httparty (~> 0.13.3)
    pry (0.10.1)
      coderay (~> 1.1.0)
      method_source (~> 0.8.1)
      slop (~> 3.4)
    slop (3.6.0)

PLATFORMS
  ruby

DEPENDENCIES
  govtrack
  httparty
  json
  opensecrets
  pry

BUNDLED WITH
   1.10.6
